GEM
  remote: https://rubygems.org/
  specs:
    concurrent-ruby (1.0.5)
    ffi (1.9.25)
    heapy (0.1.3)
    msgpack (1.2.4)
    rbtrace (0.4.10)
      ffi (>= 1.0.6)
      msgpack (>= 0.4.3)
      trollop (>= 1.16.2)
    trollop (2.1.3)

PLATFORMS
  ruby

DEPENDENCIES
  concurrent-ruby
  heapy
  rbtrace

BUNDLED WITH
   1.16.2
