GIT
  remote: https://github.com/rubemz/concurrent-ruby
  revision: 03b45fd5cc5c87137e1ee36e882ad86d33d5d69a
  branch: fix/timer-task-leaking
  specs:
    concurrent-ruby (1.1.0.pre1)

GEM
  remote: https://rubygems.org/
  specs:
    ffi (1.9.25)
    heapy (0.1.3)
    msgpack (1.2.4)
    rbtrace (0.4.10)
      ffi (>= 1.0.6)
      msgpack (>= 0.4.3)
      trollop (>= 1.16.2)
    trollop (2.1.3)

PLATFORMS
  ruby

DEPENDENCIES
  concurrent-ruby!
  heapy
  rbtrace

BUNDLED WITH
   1.16.2
